GEM
  remote: https://rubygems.org/
  specs:
    bcrypt-ruby (3.1.2)
    diff-lcs (1.2.4)
    rspec (2.14.1)
      rspec-core (~> 2.14.0)
      rspec-expectations (~> 2.14.0)
      rspec-mocks (~> 2.14.0)
    rspec-core (2.14.5)
    rspec-expectations (2.14.3)
      diff-lcs (>= 1.1.3, < 2.0)
    rspec-mocks (2.14.3)
    rufus-json (1.0.6)
    yajl-ruby (1.1.0)

PLATFORMS
  ruby

DEPENDENCIES
  bcrypt-ruby
  rspec
  rufus-json
  yajl-ruby
