GEM
  remote: https://rubygems.org/
  specs:
    bcrypt-ruby (3.1.1)
    diff-lcs (1.2.4)
    net-http-persistent (2.8)
    rspec (2.13.0)
      rspec-core (~> 2.13.0)
      rspec-expectations (~> 2.13.0)
      rspec-mocks (~> 2.13.0)
    rspec-core (2.13.1)
    rspec-expectations (2.13.0)
      diff-lcs (>= 1.1.3, < 2.0)
    rspec-mocks (2.13.1)
    rufus-json (1.0.6)
    yajl-ruby (1.1.0)

PLATFORMS
  ruby

DEPENDENCIES
  bcrypt-ruby
  net-http-persistent
  rspec
  rufus-json
  yajl-ruby
